GEM
  remote: http://rubygems.org/
  specs:
    bson (1.8.2)
    bson_ext (1.8.2)
      bson (~> 1.8.2)
    colorize (0.5.8)
    mongo (1.8.2)
      bson (~> 1.8.2)

PLATFORMS
  ruby

DEPENDENCIES
  bson_ext
  colorize
  mongo
